PATH
  remote: ../../acao-plugins/acao_extgui
  specs:
    acao_extgui (1.0.0)

PATH
  remote: ../../yggdra/plugins/autosvg
  specs:
    autosvg (0.0.1)

PATH
  remote: ../../yggdra/plugins/core_extgui
  specs:
    core_extgui (1.0.0)

PATH
  remote: ../../yggdra/plugins/extgui
  specs:
    extgui (1.0.0)
      am-http (~> 0.4)

PATH
  remote: ../../yggdra/plugins/extjs
  specs:
    extjs (4.2.1.0)

PATH
  remote: ../../yggdra/plugins/i18n_extgui
  specs:
    i18n_extgui (1.0.0)

PATH
  remote: ../../yggdra/plugins/ml_extgui
  specs:
    ml_extgui (1.0.0)

PATH
  remote: ../../yggdra/plugins/shop_extgui
  specs:
    shop_extgui (1.0.0)

PATH
  remote: ../../yggdra/plugins/streaming_extgui
  specs:
    streaming_extgui (1.0.0)

PATH
  remote: ../../yggdra/plugins/streaming_player
  specs:
    streaming_player (1.0.0)
      am-http

GEM
  remote: https://rubygems.org/
  remote: https://gems.sevio.it/
  specs:
    actioncable (5.2.1)
      actionpack (= 5.2.1)
      nio4r (~> 2.0)
      websocket-driver (>= 0.6.1)
    actionmailer (5.2.1)
      actionpack (= 5.2.1)
      actionview (= 5.2.1)
      activejob (= 5.2.1)
      mail (~> 2.5, >= 2.5.4)
      rails-dom-testing (~> 2.0)
    actionpack (5.2.1)
      actionview (= 5.2.1)
      activesupport (= 5.2.1)
      rack (~> 2.0)
      rack-test (>= 0.6.3)
      rails-dom-testing (~> 2.0)
      rails-html-sanitizer (~> 1.0, >= 1.0.2)
    actionview (5.2.1)
      activesupport (= 5.2.1)
      builder (~> 3.1)
      erubi (~> 1.4)
      rails-dom-testing (~> 2.0)
      rails-html-sanitizer (~> 1.0, >= 1.0.3)
    activejob (5.2.1)
      activesupport (= 5.2.1)
      globalid (>= 0.3.6)
    activemodel (5.2.1)
      activesupport (= 5.2.1)
    activerecord (5.2.1)
      activemodel (= 5.2.1)
      activesupport (= 5.2.1)
      arel (>= 9.0)
    activestorage (5.2.1)
      actionpack (= 5.2.1)
      activerecord (= 5.2.1)
      marcel (~> 0.3.1)
    activesupport (5.2.1)
      concurrent-ruby (~> 1.0, >= 1.0.2)
      i18n (>= 0.7, < 2)
      minitest (~> 5.1)
      tzinfo (~> 1.1)
    actor_model (1.7.5)
      activesupport
      sleepy_penguin
      ygg-exception
    address_selector (0.0.7)
    airbrake (7.4.0)
      airbrake-ruby (~> 2.12)
    airbrake-ruby (2.12.0)
    am-http (0.7.6)
      actor_model (~> 1.6)
      address_selector
      awesome_print
      openssl
      sqlite3
      vihai_io_buffer
    arel (9.0.0)
    awesome_print (1.8.0)
    better_errors (2.5.0)
      coderay (>= 1.0.0)
      erubi (>= 1.0.0)
      rack (>= 0.9.0)
    binding_of_caller (0.8.0)
      debug_inspector (>= 0.0.1)
    builder (3.2.3)
    coderay (1.1.2)
    concurrent-ruby (1.1.3)
    crass (1.0.4)
    debug_inspector (0.0.3)
    erubi (1.7.1)
    execjs (2.7.0)
    ffi (1.9.25)
    globalid (0.4.1)
      activesupport (>= 4.2.0)
    i18n (1.1.1)
      concurrent-ruby (~> 1.0)
    jquery-rails (4.3.3)
      rails-dom-testing (>= 1, < 3)
      railties (>= 4.2.0)
      thor (>= 0.14, < 2.0)
    json (2.1.0)
    json_exceptions (0.0.2)
      ygg-exception
    libv8 (3.16.14.19)
    loofah (2.2.3)
      crass (~> 1.0.2)
      nokogiri (>= 1.5.9)
    mail (2.7.1)
      mini_mime (>= 0.1.1)
    marcel (0.3.3)
      mimemagic (~> 0.3.2)
    method_source (0.9.2)
    mimemagic (0.3.2)
    mini_mime (1.0.1)
    mini_portile2 (2.3.0)
    minitest (5.11.3)
    nio4r (2.3.1)
    nokogiri (1.8.5)
      mini_portile2 (~> 2.3.0)
    openssl (2.1.2)
    pry (0.12.2)
      coderay (~> 1.1.0)
      method_source (~> 0.9.0)
    pry-rails (0.3.7)
      pry (>= 0.10.4)
    puma (3.12.0)
    puma-plugin-systemd (0.1.3)
      json
      puma (~> 3.6)
    rack (2.0.6)
    rack-test (1.1.0)
      rack (>= 1.0, < 3)
    rails (5.2.1)
      actioncable (= 5.2.1)
      actionmailer (= 5.2.1)
      actionpack (= 5.2.1)
      actionview (= 5.2.1)
      activejob (= 5.2.1)
      activemodel (= 5.2.1)
      activerecord (= 5.2.1)
      activestorage (= 5.2.1)
      activesupport (= 5.2.1)
      bundler (>= 1.3.0)
      railties (= 5.2.1)
      sprockets-rails (>= 2.0.0)
    rails-dom-testing (2.0.3)
      activesupport (>= 4.2.0)
      nokogiri (>= 1.6)
    rails-html-sanitizer (1.0.4)
      loofah (~> 2.2, >= 2.2.2)
    railties (5.2.1)
      actionpack (= 5.2.1)
      activesupport (= 5.2.1)
      method_source
      rake (>= 0.8.7)
      thor (>= 0.19.0, < 2.0)
    rake (12.3.1)
    rb-fsevent (0.10.3)
    rb-inotify (0.9.10)
      ffi (>= 0.5.0, < 2)
    ref (2.0.0)
    sass (3.7.2)
      sass-listen (~> 4.0.0)
    sass-listen (4.0.0)
      rb-fsevent (~> 0.9, >= 0.9.4)
      rb-inotify (~> 0.9, >= 0.9.7)
    sass-rails (5.0.7)
      railties (>= 4.0.0, < 6)
      sass (~> 3.1)
      sprockets (>= 2.8, < 4.0)
      sprockets-rails (>= 2.0, < 4.0)
      tilt (>= 1.1, < 3)
    sleepy_penguin (3.5.0)
    sprockets (3.7.2)
      concurrent-ruby (~> 1.0)
      rack (> 1, < 3)
    sprockets-rails (3.2.1)
      actionpack (>= 4.0)
      activesupport (>= 4.0)
      sprockets (>= 3.0.0)
    sqlite3 (1.3.13)
    therubyracer (0.12.3)
      libv8 (~> 3.16.14.15)
      ref
    thor (0.20.3)
    thread_safe (0.3.6)
    tilt (2.0.8)
    tzinfo (1.2.5)
      thread_safe (~> 0.1)
    uglifier (4.1.20)
      execjs (>= 0.3.0, < 3)
    vihai_io_buffer (0.0.3)
    websocket-driver (0.7.0)
      websocket-extensions (>= 0.1.0)
    websocket-extensions (0.1.3)
    ygg-exception (0.0.13)

PLATFORMS
  ruby

DEPENDENCIES
  acao_extgui!
  airbrake
  autosvg!
  awesome_print
  better_errors
  binding_of_caller
  core_extgui!
  extgui!
  extjs!
  i18n_extgui!
  jquery-rails
  json_exceptions!
  ml_extgui!
  pry
  pry-rails
  puma
  puma-plugin-systemd!
  rails (~> 5.2.0)
  sass-rails (~> 5.0.0)
  shop_extgui!
  sprockets-rails (~> 3.2.0)
  streaming_extgui!
  streaming_player!
  therubyracer
  uglifier (>= 1.3.0)

BUNDLED WITH
   1.16.6
