GIT
  remote: https://github.com/rails-sqlserver/activerecord-sqlserver-adapter.git
  revision: e3108b6782167639528bea1201ca6867ee333268
  specs:
    activerecord-sqlserver-adapter (4.0.0)
      activerecord (~> 4.0.0)
      arel (~> 4.0.1)

PATH
  remote: ../flarc
  specs:
    flarc (1.0.0)
      scruffy
      yggdra_plugins

PATH
  remote: ../yggdra/plugins/autosvg
  specs:
    autosvg (0.0.1)

PATH
  remote: ../yggdra/plugins/core_extgui
  specs:
    core_extgui (1.0.0)
      yggdra_plugins

PATH
  remote: ../yggdra/plugins/core_hel
  specs:
    core_hel (1.0.0)
      active_rest (>= 3.0.1)
      yggdra_plugins

PATH
  remote: ../yggdra/plugins/core_models
  specs:
    core_models (1.0.0)
      active_rest (>= 5.1.0)
      geocoder
      state_machine
      tomte-protocol
      uuidtools
      vihai-password
      yggdra_plugins

PATH
  remote: ../yggdra/plugins/extgui
  specs:
    extgui (1.0.0)

PATH
  remote: ../yggdra/plugins/extjs
  specs:
    extjs (4.2.1.0)

PATH
  remote: ../yggdra/plugins/hel
  specs:
    hel (1.0.0)

PATH
  remote: ../yggdra/plugins/shop_extgui
  specs:
    shop_extgui (1.0.0)
      yggdra_plugins

PATH
  remote: ../yggdra/plugins/shop_hel
  specs:
    shop_hel (1.0.0)
      active_rest (>= 3.0.1)
      yggdra_plugins

PATH
  remote: ../yggdra/plugins/shop_models
  specs:
    shop_models (1.0.0)
      active_rest (>= 3.0.1)
      state_machine
      uuidtools
      yggdra_plugins

PATH
  remote: ../yggdra/plugins/yggdra_plugins
  specs:
    yggdra_plugins (1.0.0)

GEM
  remote: https://rubygems.org/
  remote: http://gems.intercom.it/
  specs:
    actionmailer (4.0.3)
      actionpack (= 4.0.3)
      mail (~> 2.5.4)
    actionpack (4.0.3)
      activesupport (= 4.0.3)
      builder (~> 3.1.0)
      erubis (~> 2.7.0)
      rack (~> 1.5.2)
      rack-test (~> 0.6.2)
    active_rest (6.5.6)
      squeel
    activemodel (4.0.3)
      activesupport (= 4.0.3)
      builder (~> 3.1.0)
    activerecord (4.0.3)
      activemodel (= 4.0.3)
      activerecord-deprecated_finders (~> 1.0.2)
      activesupport (= 4.0.3)
      arel (~> 4.0.0)
    activerecord-deprecated_finders (1.0.3)
    activesupport (4.0.3)
      i18n (~> 0.6, >= 0.6.4)
      minitest (~> 4.2)
      multi_json (~> 1.3)
      thread_safe (~> 0.1)
      tzinfo (~> 0.3.37)
    amq-protocol (1.9.2)
    amqp (1.3.0)
      amq-protocol (>= 1.9.2)
      eventmachine
    arel (4.0.2)
    atomic (1.1.15)
    awesome_print (1.1.0)
    better_errors (1.1.0)
      coderay (>= 1.0.0)
      erubis (>= 2.6.6)
    binding_of_caller (0.7.2)
      debug_inspector (>= 0.0.1)
    bson (1.9.2)
    bson_ext (1.9.2)
      bson (~> 1.9.2)
    builder (3.1.4)
    case (0.5.2.1)
    coderay (1.1.0)
    curb (0.8.5)
    debug_inspector (0.0.2)
    erubis (2.7.0)
    eventmachine (1.0.3)
    exception_notification (4.0.1)
      actionmailer (>= 3.0.4)
      activesupport (>= 3.0.4)
    execjs (2.0.2)
    ffi (1.9.3)
    geocoder (1.1.9)
    hike (1.2.3)
    i18n (0.6.9)
    jquery-rails (3.1.0)
      railties (>= 3.0, < 5.0)
      thor (>= 0.14, < 2.0)
    json (1.8.1)
    libv8 (3.16.14.3)
    mail (2.5.4)
      mime-types (~> 1.16)
      treetop (~> 1.4.8)
    method_source (0.8.2)
    mime-types (1.25.1)
    minitest (4.7.5)
    multi_json (1.9.0)
    pg (0.17.1)
    polyamorous (0.6.4)
      activerecord (>= 3.0)
    polyglot (0.3.4)
    pry (0.9.12.6)
      coderay (~> 1.0)
      method_source (~> 0.8)
      slop (~> 3.4)
    pry-rails (0.3.2)
      pry (>= 0.9.10)
    puma (2.8.0)
      rack (>= 1.1, < 2.0)
    rack (1.5.2)
    rack-test (0.6.2)
      rack (>= 1.0)
    rails (4.0.3)
      actionmailer (= 4.0.3)
      actionpack (= 4.0.3)
      activerecord (= 4.0.3)
      activesupport (= 4.0.3)
      bundler (>= 1.3.0, < 2.0)
      railties (= 4.0.3)
      sprockets-rails (~> 2.0.0)
    rails-observers (0.1.2)
      activemodel (~> 4.0)
    railties (4.0.3)
      actionpack (= 4.0.3)
      activesupport (= 4.0.3)
      rake (>= 0.8.7)
      thor (>= 0.18.1, < 2.0)
    rake (10.1.1)
    rdoc (4.1.1)
      json (~> 1.4)
    ref (1.0.5)
    rufus-tokyo (1.0.7)
    sass (3.2.14)
    sass-rails (4.0.1)
      railties (>= 4.0.0, < 5.0)
      sass (>= 3.1.10)
      sprockets-rails (~> 2.0.0)
    scruffy (0.2.6)
    sdoc (0.4.0)
      json (~> 1.8)
      rdoc (~> 4.0, < 5.0)
    slop (3.4.7)
    sprockets (2.11.0)
      hike (~> 1.2)
      multi_json (~> 1.0)
      rack (~> 1.0)
      tilt (~> 1.1, != 1.3.0)
    sprockets-rails (2.0.1)
      actionpack (>= 3.0)
      activesupport (>= 3.0)
      sprockets (~> 2.8)
    sprockets_better_errors (0.0.4)
      sprockets-rails (>= 1.0.0)
    squeel (1.1.1)
      activerecord (>= 3.0)
      activesupport (>= 3.0)
      polyamorous (~> 0.6.0)
    state_machine (1.2.0)
    therubyracer (0.12.1)
      libv8 (~> 3.16.14.0)
      ref
    thor (0.18.1)
    thread_safe (0.2.0)
      atomic (>= 1.1.7, < 2)
    tilt (1.4.1)
    tiny_tds (0.6.1)
    tomte-core (1.0.1)
      activesupport (>= 3.2.11)
      bson (>= 1.8.0)
      bson_ext (>= 1.8.0)
      case (>= 0.5.2)
      ffi (>= 1.0.10)
      json (>= 1.6.4)
      mime-types
      pry (>= 0.9.8)
      rake
      rufus-tokyo (>= 1.0.7)
      thor (>= 0.14.5)
      uuidtools (>= 2.1.0)
      wml-compat (>= 0.8.6)
    tomte-protocol (1.0.1)
      amqp (>= 1.0.0)
      tomte-core (>= 1.0.1)
    treetop (1.4.15)
      polyglot
      polyglot (>= 0.3.1)
    tzinfo (0.3.38)
    uglifier (2.4.0)
      execjs (>= 0.3.0)
      json (>= 1.8.0)
    uuidtools (2.1.4)
    vihai-password (1.3.0)
      ffi (>= 1.0.0)
    wml-compat (0.8.9)
      awesome_print (~> 1.1.0)
      uuidtools (>= 2.1.0)

PLATFORMS
  ruby

DEPENDENCIES
  active_rest (~> 6.5.0)
  activerecord-sqlserver-adapter!
  autosvg!
  awesome_print
  better_errors
  binding_of_caller
  core_extgui!
  core_hel!
  core_models!
  curb
  exception_notification (>= 4.0.1)
  extgui!
  extjs!
  flarc!
  geocoder
  hel!
  jquery-rails
  pg
  pry
  pry-rails
  puma
  rails (~> 4.0.2)
  rails-observers
  sass-rails (~> 4.0.0)
  scruffy
  sdoc
  shop_extgui!
  shop_hel!
  shop_models!
  sprockets_better_errors
  squeel
  state_machine
  therubyracer
  tiny_tds
  uglifier
  vihai-password (>= 1.2.0)
  yggdra_plugins!
