GIT
  remote: https://github.com/activerecord-hackery/squeel.git
  revision: 96b6b0ef45d371b7493b89787ddc87d3197d45d5
  specs:
    squeel (1.2.2)
      activerecord (>= 3.0)
      activesupport (>= 3.0)
      polyamorous (~> 1.1.0)

PATH
  remote: ../flarc
  specs:
    flarc (1.0.0)
      scruffy
      yggdra_plugins

PATH
  remote: ../yggdra/plugins/autosvg
  specs:
    autosvg (0.0.1)

PATH
  remote: ../yggdra/plugins/core_extgui
  specs:
    core_extgui (1.0.0)
      yggdra_plugins

PATH
  remote: ../yggdra/plugins/core_hel
  specs:
    core_hel (1.0.0)
      active_rest (>= 6.6.0)
      yggdra_plugins

PATH
  remote: ../yggdra/plugins/core_models
  specs:
    core_models (1.0.0)
      active_rest (>= 5.1.0)
      bunny
      deep_open_struct
      geocoder
      state_machine
      uuidtools
      vihai-password
      yggdra_plugins

PATH
  remote: ../yggdra/plugins/extgui
  specs:
    extgui (1.0.0)

PATH
  remote: ../yggdra/plugins/extjs
  specs:
    extjs (4.2.1.0)

PATH
  remote: ../yggdra/plugins/hel
  specs:
    hel (1.0.0)

PATH
  remote: ../yggdra/plugins/shop_extgui
  specs:
    shop_extgui (1.0.0)
      yggdra_plugins

PATH
  remote: ../yggdra/plugins/shop_hel
  specs:
    shop_hel (1.0.0)
      active_rest (>= 6.6.0)
      yggdra_plugins

PATH
  remote: ../yggdra/plugins/shop_models
  specs:
    shop_models (1.0.0)
      active_rest (>= 6.6.0)
      state_machine
      yggdra_plugins

PATH
  remote: ../yggdra/plugins/yggdra_plugins
  specs:
    yggdra_plugins (1.0.0)

GEM
  remote: https://rubygems.org/
  remote: http://gems.intercom.it/
  specs:
    actionmailer (4.1.9)
      actionpack (= 4.1.9)
      actionview (= 4.1.9)
      mail (~> 2.5, >= 2.5.4)
    actionpack (4.1.9)
      actionview (= 4.1.9)
      activesupport (= 4.1.9)
      rack (~> 1.5.2)
      rack-test (~> 0.6.2)
    actionview (4.1.9)
      activesupport (= 4.1.9)
      builder (~> 3.1)
      erubis (~> 2.7.0)
    active_rest (6.8.5)
      squeel
    activemodel (4.1.9)
      activesupport (= 4.1.9)
      builder (~> 3.1)
    activerecord (4.1.9)
      activemodel (= 4.1.9)
      activesupport (= 4.1.9)
      arel (~> 5.0.0)
    activerecord-sqlserver-adapter (4.1.0)
      activerecord (~> 4.1.0)
      arel
    activesupport (4.1.9)
      i18n (~> 0.6, >= 0.6.9)
      json (~> 1.7, >= 1.7.7)
      minitest (~> 5.1)
      thread_safe (~> 0.1)
      tzinfo (~> 1.1)
    amq-protocol (1.9.2)
    arel (5.0.1.20140414130214)
    awesome_print (1.6.1)
    better_errors (2.1.1)
      coderay (>= 1.0.0)
      erubis (>= 2.6.6)
      rack (>= 0.9.0)
    binding_of_caller (0.7.2)
      debug_inspector (>= 0.0.1)
    builder (3.2.2)
    bunny (1.6.3)
      amq-protocol (>= 1.9.2)
    coderay (1.1.0)
    curb (0.8.6)
    debug_inspector (0.0.2)
    deep_open_struct (1.0.1)
    erubis (2.7.0)
    exception_notification (4.0.1)
      actionmailer (>= 3.0.4)
      activesupport (>= 3.0.4)
    execjs (2.2.2)
    ffi (1.9.6)
    geocoder (1.2.7)
    hike (1.2.3)
    i18n (0.7.0)
    jquery-rails (3.1.2)
      railties (>= 3.0, < 5.0)
      thor (>= 0.14, < 2.0)
    json (1.8.2)
    libv8 (3.16.14.7)
    mail (2.6.3)
      mime-types (>= 1.16, < 3)
    method_source (0.8.2)
    mime-types (2.4.3)
    minitest (5.5.1)
    multi_json (1.10.1)
    pg (0.18.1)
    polyamorous (1.1.0)
      activerecord (>= 3.0)
    pry (0.10.1)
      coderay (~> 1.1.0)
      method_source (~> 0.8.1)
      slop (~> 3.4)
    pry-rails (0.3.2)
      pry (>= 0.9.10)
    puma (2.11.0)
      rack (>= 1.1, < 2.0)
    rack (1.5.2)
    rack-test (0.6.3)
      rack (>= 1.0)
    rails (4.1.9)
      actionmailer (= 4.1.9)
      actionpack (= 4.1.9)
      actionview (= 4.1.9)
      activemodel (= 4.1.9)
      activerecord (= 4.1.9)
      activesupport (= 4.1.9)
      bundler (>= 1.3.0, < 2.0)
      railties (= 4.1.9)
      sprockets-rails (~> 2.0)
    rails-observers (0.1.2)
      activemodel (~> 4.0)
    railties (4.1.9)
      actionpack (= 4.1.9)
      activesupport (= 4.1.9)
      rake (>= 0.8.7)
      thor (>= 0.18.1, < 2.0)
    rake (10.4.2)
    rdoc (4.2.0)
      json (~> 1.4)
    ref (1.0.5)
    ruby-prof (0.15.3)
    sass (3.2.19)
    sass-rails (4.0.5)
      railties (>= 4.0.0, < 5.0)
      sass (~> 3.2.2)
      sprockets (~> 2.8, < 3.0)
      sprockets-rails (~> 2.0)
    scruffy (0.2.6)
    sdoc (0.4.1)
      json (~> 1.7, >= 1.7.7)
      rdoc (~> 4.0)
    slop (3.6.0)
    sprockets (2.12.3)
      hike (~> 1.2)
      multi_json (~> 1.0)
      rack (~> 1.0)
      tilt (~> 1.1, != 1.3.0)
    sprockets-rails (2.2.4)
      actionpack (>= 3.0)
      activesupport (>= 3.0)
      sprockets (>= 2.8, < 4.0)
    state_machine (1.2.0)
    therubyracer (0.12.1)
      libv8 (~> 3.16.14.0)
      ref
    thor (0.19.1)
    thread_safe (0.3.4)
    tilt (1.4.1)
    tiny_tds (0.6.2)
    tzinfo (1.2.2)
      thread_safe (~> 0.1)
    uglifier (2.7.0)
      execjs (>= 0.3.0)
      json (>= 1.8.0)
    uuidtools (2.1.5)
    vihai-password (1.3.0)
      ffi (>= 1.0.0)

PLATFORMS
  ruby

DEPENDENCIES
  active_rest (~> 6.8.0)
  activerecord-sqlserver-adapter
  autosvg!
  awesome_print
  better_errors
  binding_of_caller
  core_extgui!
  core_hel!
  core_models!
  curb
  exception_notification (>= 4.0.1)
  extgui!
  extjs!
  flarc!
  geocoder
  hel!
  jquery-rails
  pg
  pry
  pry-rails
  puma
  rails (~> 4.1.0)
  rails-observers
  ruby-prof
  sass-rails (~> 4.0.0)
  scruffy
  sdoc
  shop_extgui!
  shop_hel!
  shop_models!
  squeel!
  state_machine
  therubyracer
  tiny_tds
  uglifier (>= 1.3.0)
  vihai-password (>= 1.2.0)
  yggdra_plugins!
